GIT
  remote: git://github.com/collectiveidea/delayed_job.git
  revision: fa22baa5942fca7683a1c478f201ca0f37a9604a
  branch: master
  specs:
    delayed_job (4.0.0.beta2)
      activesupport (>= 3.0, < 4.1)

GIT
  remote: git://github.com/collectiveidea/delayed_job_active_record.git
  revision: ba49bf6c5eb2a4c5197630b24702a06e7c61a416
  branch: master
  specs:
    delayed_job_active_record (4.0.0.beta3)
      activerecord (>= 3.0, < 4.1)
      delayed_job (>= 3.0, < 4.1)

GIT
  remote: git://github.com/ernie/ransack.git
  revision: 566332e4dc64602d23fb2cf5a85b7612fbc024a8
  branch: rails-4
  specs:
    ransack (0.7.3)
      actionpack
      activerecord
      polyamorous (~> 0.6.0)

GIT
  remote: git://github.com/rusanu/blockuijs-rails.git
  revision: 5deb1d36a861327dd54002d559fcd0e6197a3c83
  specs:
    blockuijs-rails (0.1.0)
      rails (>= 3.1)

GIT
  remote: git://github.com/scambra/devise_invitable.git
  revision: 506c4bbc18bfa5461d79f77d4b272a0b47be3a23
  branch: rails4
  specs:
    devise_invitable (1.2.0.rc1)
      actionmailer (>= 4.0.0.rc1)
      railties (>= 4.0.0.rc1)

GEM
  remote: https://rubygems.org/
  specs:
    actionmailer (4.0.0)
      actionpack (= 4.0.0)
      mail (~> 2.5.3)
    actionpack (4.0.0)
      activesupport (= 4.0.0)
      builder (~> 3.1.0)
      erubis (~> 2.7.0)
      rack (~> 1.5.2)
      rack-test (~> 0.6.2)
    activemodel (4.0.0)
      activesupport (= 4.0.0)
      builder (~> 3.1.0)
    activerecord (4.0.0)
      activemodel (= 4.0.0)
      activerecord-deprecated_finders (~> 1.0.2)
      activesupport (= 4.0.0)
      arel (~> 4.0.0)
    activerecord-deprecated_finders (1.0.3)
    activesupport (4.0.0)
      i18n (~> 0.6, >= 0.6.4)
      minitest (~> 4.2)
      multi_json (~> 1.3)
      thread_safe (~> 0.1)
      tzinfo (~> 0.3.37)
    addressable (2.3.5)
    annotate (2.5.0)
      rake
    arel (4.0.0)
    asset_sync (0.5.4)
      activemodel
      fog
    atomic (1.1.10)
    awesome_print (1.1.0)
    aws-sdk (1.11.1)
      json (~> 1.4)
      nokogiri (>= 1.4.4)
      uuidtools (~> 2.1)
    bcrypt-ruby (3.1.0)
    better_errors (0.9.0)
      coderay (>= 1.0.0)
      erubis (>= 2.6.6)
    binding_of_caller (0.7.2)
      debug_inspector (>= 0.0.1)
    bootbox-rails (0.1.0)
      railties (>= 3.1.0)
    bootstrap-datetimepicker-rails (0.0.11)
    bootstrap-sass (2.3.2.0)
      sass (~> 3.2)
    bootswatch-rails (0.5.0)
      railties (>= 3.1)
    builder (3.1.4)
    bust_rails_etags (0.0.5)
    capybara (2.0.3)
      mime-types (>= 1.16)
      nokogiri (>= 1.3.3)
      rack (>= 1.0.0)
      rack-test (>= 0.5.4)
      selenium-webdriver (~> 2.0)
      xpath (~> 1.0.0)
    childprocess (0.3.9)
      ffi (~> 1.0, >= 1.0.11)
    climate_control (0.0.3)
      activesupport (>= 3.0)
    cocaine (0.5.1)
      climate_control (>= 0.0.3, < 1.0)
    coderay (1.0.9)
    coffee-rails (4.0.0)
      coffee-script (>= 2.2.0)
      railties (>= 4.0.0.beta, < 5.0)
    coffee-script (2.2.0)
      coffee-script-source
      execjs
    coffee-script-source (1.6.3)
    columnize (0.3.6)
    coolline (0.4.2)
    css_parser (1.3.4)
      addressable
    daemons (1.1.9)
    dalli (2.6.4)
    database_cleaner (1.0.0.RC1)
    debug_inspector (0.0.2)
    debugger (1.6.1)
      columnize (>= 0.3.1)
      debugger-linecache (~> 1.2.0)
      debugger-ruby_core_source (~> 1.2.3)
    debugger-linecache (1.2.0)
    debugger-ruby_core_source (1.2.3)
    decent_exposure (2.2.0)
    delayed_paperclip (2.6.0.0)
      paperclip (>= 3.3.0)
    devise (3.0.0.rc)
      bcrypt-ruby (~> 3.0)
      orm_adapter (~> 0.1)
      railties (>= 3.2.6, < 5)
      warden (~> 1.2.1)
    devise-async (0.7.0)
      devise (>= 2.2)
    diff-lcs (1.2.4)
    diffy (2.1.4)
    email_spec (1.4.0)
      launchy (~> 2.1)
      mail (~> 2.2)
    erubis (2.7.0)
    excon (0.25.1)
    execjs (1.4.0)
      multi_json (~> 1.0)
    factory_girl (4.2.0)
      activesupport (>= 3.0.0)
    factory_girl_rails (4.2.1)
      factory_girl (~> 4.2.0)
      railties (>= 3.0.0)
    faker (1.1.2)
      i18n (~> 0.5)
    faraday (0.8.7)
      multipart-post (~> 1.1)
    fattr (2.2.1)
    ffi (1.9.0)
    figaro (0.7.0)
      bundler (~> 1.0)
      rails (>= 3, < 5)
    fog (0.7.2)
      builder
      excon (>= 0.6.1)
      formatador (>= 0.1.3)
      json
      mime-types
      net-ssh (>= 2.1.3)
      nokogiri (>= 1.4.4)
      ruby-hmac
    formatador (0.2.4)
    griddler (0.5.0)
      htmlentities
      rails (>= 3.2.0)
    grit (2.5.0)
      diff-lcs (~> 1.1)
      mime-types (~> 1.15)
      posix-spawn (~> 0.3.6)
    haml (4.0.3)
      tilt
    haml-rails (0.4)
      actionpack (>= 3.1, < 4.1)
      activesupport (>= 3.1, < 4.1)
      haml (>= 3.1, < 4.1)
      railties (>= 3.1, < 4.1)
    hashie (2.0.5)
    heroku-api (0.3.13)
      excon (~> 0.25.0)
    high_voltage (1.2.3)
    hike (1.2.3)
    hirb (0.7.1)
    htmlentities (4.3.1)
    httpauth (0.2.0)
    i18n (0.6.4)
    jazz_hands (0.5.1)
      awesome_print (~> 1.1.0)
      coderay (~> 1.0.9)
      coolline (>= 0.4.2)
      hirb (~> 0.7.1)
      pry (~> 0.9.12)
      pry-debugger (~> 0.2.2)
      pry-doc (~> 0.4.6)
      pry-git (~> 0.2.3)
      pry-rails (~> 0.3.1)
      pry-remote (>= 0.1.7)
      pry-stack_explorer (~> 0.4.9)
      railties (>= 3.0, < 5.0)
    jbuilder (1.0.2)
      activesupport (>= 3.0.0)
    jquery-rails (3.0.2)
      railties (>= 3.0, < 5.0)
      thor (>= 0.14, < 2.0)
    jquery-rails-cdn (1.0.1)
      jquery-rails
    jquery-turbolinks (1.0.0)
      railties (>= 3.1.0)
      turbolinks
    jquery-ui-rails (4.0.3)
      jquery-rails
      railties (>= 3.1.0)
    json (1.8.0)
    json_spec (1.1.1)
      multi_json (~> 1.0)
      rspec (~> 2.0)
    jwt (0.1.8)
      multi_json (>= 1.5)
    launchy (2.2.0)
      addressable (~> 2.3)
    localtunnel (0.3)
      json (>= 1.2.4)
      net-ssh (>= 2.0.22)
      net-ssh-gateway (>= 1.0.1)
    mail (2.5.4)
      mime-types (~> 1.16)
      treetop (~> 1.4.8)
    mail_form (1.5.0.rc)
      actionmailer (>= 3.2, < 5)
      activemodel (>= 3.2, < 5)
    mail_view (1.0.3)
      tilt
    memcachier (0.0.2)
    method_source (0.8.1)
    mime-types (1.23)
    mini_portile (0.5.1)
    minitest (4.7.5)
    multi_json (1.7.7)
    multipart-post (1.2.0)
    net-ssh (2.6.8)
    net-ssh-gateway (1.2.0)
      net-ssh (>= 2.6.5)
    netrc (0.7.7)
    nokogiri (1.6.0)
      mini_portile (~> 0.5.0)
    normalize-rails (2.1.1)
    oauth2 (0.8.1)
      faraday (~> 0.8)
      httpauth (~> 0.1)
      jwt (~> 0.1.4)
      multi_json (~> 1.0)
      rack (~> 1.2)
    omniauth (1.1.4)
      hashie (>= 1.2, < 3)
      rack
    omniauth-google-oauth2 (0.2.0)
      omniauth (~> 1.0)
      omniauth-oauth2
    omniauth-oauth2 (1.1.1)
      oauth2 (~> 0.8.0)
      omniauth (~> 1.0)
    orm_adapter (0.4.0)
    paperclip (3.4.2)
      activemodel (>= 3.0.0)
      activerecord (>= 3.0.0)
      activesupport (>= 3.0.0)
      cocaine (~> 0.5.0)
      mime-types
    paratrooper (1.4.2)
      heroku-api (~> 0.3)
      netrc (~> 0.7)
      rendezvous (~> 0.0.1)
    pg (0.15.1)
    placeholdit (0.0.3)
    polyamorous (0.6.3)
      activerecord (>= 3.0)
    polyglot (0.3.3)
    posix-spawn (0.3.6)
    premailer (1.7.3)
      css_parser (>= 1.1.9)
      htmlentities (>= 4.0.0)
    premailer-rails (1.4.0)
      premailer (~> 1.7)
      rails (>= 3)
    pry (0.9.12.2)
      coderay (~> 1.0.5)
      method_source (~> 0.8)
      slop (~> 3.4)
    pry-debugger (0.2.2)
      debugger (~> 1.3)
      pry (~> 0.9.10)
    pry-doc (0.4.6)
      pry (>= 0.9)
      yard (>= 0.8)
    pry-git (0.2.3)
      diffy
      grit
      pry (>= 0.9.8)
    pry-rails (0.3.1)
      pry (>= 0.9.10)
    pry-remote (0.1.7)
      pry (~> 0.9)
      slop (~> 3.0)
    pry-stack_explorer (0.4.9)
      binding_of_caller (>= 0.7)
      pry (~> 0.9.11)
    puma (2.3.2)
      rack (>= 1.1, < 2.0)
    quiet_assets (1.0.2)
      railties (>= 3.1, < 5.0)
    rack (1.5.2)
    rack-test (0.6.2)
      rack (>= 1.0)
    rails (4.0.0)
      actionmailer (= 4.0.0)
      actionpack (= 4.0.0)
      activerecord (= 4.0.0)
      activesupport (= 4.0.0)
      bundler (>= 1.3.0, < 2.0)
      railties (= 4.0.0)
      sprockets-rails (~> 2.0.0)
    rails-footnotes (3.7.9)
      rails (>= 3.0.0)
    railties (4.0.0)
      actionpack (= 4.0.0)
      activesupport (= 4.0.0)
      rake (>= 0.8.7)
      thor (>= 0.18.1, < 2.0)
    rake (10.1.0)
    rdoc (3.12.2)
      json (~> 1.4)
    remotipart (1.2.1)
    rendezvous (0.0.2)
    responders (1.0.0.rc)
      railties (>= 3.2, < 5)
    rspec (2.14.0)
      rspec-core (~> 2.14.0)
      rspec-expectations (~> 2.14.0)
      rspec-mocks (~> 2.14.0)
    rspec-core (2.14.1)
    rspec-expectations (2.14.0)
      diff-lcs (>= 1.1.3, < 2.0)
    rspec-mocks (2.14.1)
    rspec-rails (2.14.0)
      actionpack (>= 3.0)
      activesupport (>= 3.0)
      railties (>= 3.0)
      rspec-core (~> 2.14.0)
      rspec-expectations (~> 2.14.0)
      rspec-mocks (~> 2.14.0)
    ruby-hmac (0.4.0)
    rubyzip (0.9.9)
    rush (0.6.8)
      session
    sass (3.2.9)
    sass-rails (4.0.0)
      railties (>= 4.0.0.beta, < 5.0)
      sass (>= 3.1.10)
      sprockets-rails (~> 2.0.0)
    sdoc (0.3.20)
      json (>= 1.1.3)
      rdoc (~> 3.10)
    selenium-webdriver (2.33.0)
      childprocess (>= 0.2.5)
      multi_json (~> 1.0)
      rubyzip
      websocket (~> 1.0.4)
    session (3.1.0)
      fattr
    shoulda-matchers (2.2.0)
      activesupport (>= 3.0.0)
    simple_form (3.0.0.rc)
      actionpack (>= 4.0.0.rc1, < 4.1)
      activemodel (>= 4.0.0.rc1, < 4.1)
    slop (3.4.5)
    sprockets (2.10.0)
      hike (~> 1.2)
      multi_json (~> 1.0)
      rack (~> 1.0)
      tilt (~> 1.1, != 1.3.0)
    sprockets-rails (2.0.0)
      actionpack (>= 3.0)
      activesupport (>= 3.0)
      sprockets (~> 2.8)
    sqlite3 (1.3.7)
    tagmanager-rails (0.0.1)
      railties (>= 3.0, < 5.0)
    temporal-rails (0.2.3)
      coffee-rails
      railties (>= 3.2.5, < 5)
    thor (0.18.1)
    thread_safe (0.1.0)
      atomic
    tilt (1.4.1)
    traceroute (0.3.0)
      rails (>= 3.0.0)
    treetop (1.4.14)
      polyglot
      polyglot (>= 0.3.1)
    turbolinks (1.2.0)
      coffee-rails
    tzinfo (0.3.37)
    uglifier (2.1.1)
      execjs (>= 0.3.0)
      multi_json (~> 1.0, >= 1.0.2)
    uuidtools (2.1.4)
    warden (1.2.1)
      rack (>= 1.0)
    websocket (1.0.7)
    xpath (1.0.0)
      nokogiri (~> 1.3)
    yard (0.8.6.2)

PLATFORMS
  ruby

DEPENDENCIES
  annotate (>= 2.5.0)
  asset_sync
  aws-sdk
  better_errors
  blockuijs-rails!
  bootbox-rails
  bootstrap-datetimepicker-rails
  bootstrap-sass (~> 2.3.2.0)
  bootswatch-rails
  bust_rails_etags
  capybara (~> 2.0.2)
  coffee-rails (~> 4.0.0)
  daemons
  dalli
  database_cleaner (= 1.0.0.RC1)
  decent_exposure
  delayed_job!
  delayed_job_active_record!
  delayed_paperclip
  devise (= 3.0.0.rc)
  devise-async
  devise_invitable!
  email_spec
  factory_girl_rails (~> 4.2.1)
  faker (~> 1.1.2)
  figaro
  griddler
  haml-rails
  heroku-api
  high_voltage
  jazz_hands
  jbuilder (~> 1.0.1)
  jquery-rails
  jquery-rails-cdn
  jquery-turbolinks
  jquery-ui-rails
  json_spec
  launchy (~> 2.2.0)
  localtunnel
  mail_form (= 1.5.0.rc)
  mail_view (~> 1.0.3)
  memcachier
  nokogiri
  normalize-rails
  omniauth
  omniauth-google-oauth2
  paratrooper
  pg
  placeholdit
  premailer-rails
  puma
  quiet_assets
  rails (= 4.0.0)
  rails-footnotes (>= 3.7.9)
  ransack!
  remotipart (~> 1.0)
  responders (= 1.0.0.rc)
  rspec-rails (~> 2.0)
  rush
  sass-rails (~> 4.0.0)
  sdoc
  shoulda-matchers
  simple_form (= 3.0.0.rc)
  sqlite3
  tagmanager-rails (~> 0.0.1)
  temporal-rails
  traceroute
  turbolinks (~> 1.2.0)
  uglifier (>= 1.3.0)
